GEM
  remote: https://rubygems.org/
  specs:
    ffi (1.9.10)
    json (1.8.3)
    nice-ffi (0.4)
      ffi (>= 0.5.0)
    rake (10.4.2)
    redis (3.2.1)
    ruby-sdl-ffi (0.4)
      nice-ffi (>= 0.2)
    rubygame (2.6.4)
      rake (>= 0.7.0)
      ruby-sdl-ffi (>= 0.1.0)

PLATFORMS
  ruby

DEPENDENCIES
  json
  redis
  rubygame
